GEM
  remote: https://www.rubygems.org/
  specs:
    minitest (5.8.0)
    mrspec (0.2.2)
      minitest (~> 5.0)
      rspec-core (~> 3.0)
      what_weve_got_here_is_an_error_to_communicate (~> 0.0.6)
    rake (10.4.2)
    rouge (1.10.1)
    rspec-core (3.3.2)
      rspec-support (~> 3.3.0)
    rspec-support (3.3.0)
    what_weve_got_here_is_an_error_to_communicate (0.0.6)
      rouge (~> 1.8, != 1.9.1)

PLATFORMS
  ruby

DEPENDENCIES
  minitest
  mrspec
  rake

BUNDLED WITH
   1.10.6
